GIT
  remote: https://github.com/CreaterOS/Paintinglite.git
  revision: f8136fbb091c79331009c84c3d228e36bf636d0a
  specs:
    Paintinglite (v2.1.2)

GEM
  remote: https://rubygems.org/
  specs:

PLATFORMS
  ruby

DEPENDENCIES
  Paintinglite (= v2.1.2)!

BUNDLED WITH
   2.1.4
